PATH
  remote: .
  specs:
    pimon (0.1.11)
      faye-websocket (= 0.10.0)
      haml (= 4.0.5)
      pry (= 0.10.0)
      sinatra (= 1.4.6)
      sys-uptime (= 0.6.1)
      thin (= 1.6.2)

GEM
  remote: https://rubygems.org/
  specs:
    coderay (1.1.0)
    coveralls (0.8.2)
      json (~> 1.8)
      rest-client (>= 1.6.8, < 2)
      simplecov (~> 0.10.0)
      term-ansicolor (~> 1.3)
      thor (~> 0.19.1)
    daemons (1.2.3)
    diff-lcs (1.2.5)
    docile (1.1.5)
    domain_name (0.5.24)
      unf (>= 0.0.5, < 1.0.0)
    eventmachine (1.0.7)
    faye-websocket (0.10.0)
      eventmachine (>= 0.12.0)
      websocket-driver (>= 0.5.1)
    ffi (1.9.10)
    haml (4.0.5)
      tilt
    http-cookie (1.0.2)
      domain_name (~> 0.5)
    json (1.8.3)
    method_source (0.8.2)
    mime-types (2.6.1)
    netrc (0.10.3)
    pry (0.10.0)
      coderay (~> 1.1.0)
      method_source (~> 0.8.1)
      slop (~> 3.4)
    rack (1.6.4)
    rack-protection (1.5.3)
      rack
    rack-test (0.6.2)
      rack (>= 1.0)
    rest-client (1.8.0)
      http-cookie (>= 1.0.2, < 2.0)
      mime-types (>= 1.16, < 3.0)
      netrc (~> 0.7)
    rspec (3.0.0)
      rspec-core (~> 3.0.0)
      rspec-expectations (~> 3.0.0)
      rspec-mocks (~> 3.0.0)
    rspec-core (3.0.2)
      rspec-support (~> 3.0.0)
    rspec-expectations (3.0.2)
      diff-lcs (>= 1.2.0, < 2.0)
      rspec-support (~> 3.0.0)
    rspec-mocks (3.0.2)
      rspec-support (~> 3.0.0)
    rspec-support (3.0.2)
    simplecov (0.10.0)
      docile (~> 1.1.0)
      json (~> 1.8)
      simplecov-html (~> 0.10.0)
    simplecov-html (0.10.0)
    simplecov-rcov (0.2.3)
      simplecov (>= 0.4.1)
    sinatra (1.4.6)
      rack (~> 1.4)
      rack-protection (~> 1.4)
      tilt (>= 1.3, < 3)
    slop (3.6.0)
    sys-uptime (0.6.1)
      ffi (>= 1.0.0)
    term-ansicolor (1.3.2)
      tins (~> 1.0)
    thin (1.6.2)
      daemons (>= 1.0.9)
      eventmachine (>= 1.0.0)
      rack (>= 1.0.0)
    thor (0.19.1)
    tilt (2.0.1)
    timecop (0.7.1)
    tins (1.5.4)
    unf (0.1.4)
      unf_ext
    unf_ext (0.0.7.1)
    websocket-driver (0.6.2)
      websocket-extensions (>= 0.1.0)
    websocket-extensions (0.1.2)

PLATFORMS
  ruby

DEPENDENCIES
  coveralls (= 0.8.2)
  pimon!
  rack-test (= 0.6.2)
  rspec (= 3.0.0)
  simplecov (= 0.10.0)
  simplecov-rcov (= 0.2.3)
  timecop (= 0.7.1)
